PATH
  remote: .
  specs:
    rspec-steps (0.0.8)
      rspec (>= 2.6)

GEM
  remote: http://lrdesign:quiS6Nef@gems.lrdesign.com/
  remote: http://gemcutter.org/
  remote: http://gems.github.com/
  specs:
    chunky_png (1.2.5)
    compass (0.12.1)
      chunky_png (~> 1.2)
      fssm (>= 0.2.7)
      sass (~> 3.1)
    corundum (0.0.17)
      bundler (~> 1.1.0)
      compass (>= 0.12.1)
      mailfactory (~> 1.4.0)
      mattock (>= 0.2.11)
      nokogiri
      rake-rubygems (>= 0.2.0)
      rdoc
      rspec (>= 2.0)
      sass (>= 3.1)
      simplecov (>= 0.5.4)
      yard
    diff-lcs (1.1.3)
    fssm (0.2.9)
    json (1.7.3)
    mailfactory (1.4.0)
      mime-types (>= 1.13.1)
    mattock (0.2.12)
      tilt (> 0)
      valise (>= 0.6)
    mime-types (1.18)
    multi_json (1.3.5)
    nokogiri (1.5.2)
    rake (0.9.2.2)
    rake-rubygems (0.2.0)
      rake (>= 0.8.7)
    rdoc (3.12)
      json (~> 1.4)
    rspec (2.8.0)
      rspec-core (~> 2.8.0)
      rspec-expectations (~> 2.8.0)
      rspec-mocks (~> 2.8.0)
    rspec-core (2.8.0)
    rspec-expectations (2.8.0)
      diff-lcs (~> 1.1.2)
    rspec-mocks (2.8.0)
    sass (3.1.18)
    simplecov (0.6.4)
      multi_json (~> 1.0)
      simplecov-html (~> 0.5.3)
    simplecov-html (0.5.3)
    tilt (1.3.3)
    valise (0.6)
    yard (0.8.1)

PLATFORMS
  ruby

DEPENDENCIES
  corundum (>= 0.0.13)
  rspec (~> 2.8.0)
  rspec-steps!
