PATH
  remote: .
  specs:
    RSpec-Steps (0.0.1)
      rspec (>= 2.0)

GEM
  remote: http://judson:hEi4lOra@gems.lrdesign.com/
  remote: http://gemcutter.org/
  remote: http://gems.github.com/
  specs:
    diff-lcs (1.1.2)
    haml (2.2.24)
    hanna (0.1.12)
      haml (~> 2.2.8)
      rake (~> 0.8.2)
      rdoc (~> 2.3.0)
    mailfactory (1.4.0)
      mime-types (>= 1.13.1)
    mime-types (1.16)
    rake (0.8.7)
    rake-rubygems (0.2.0)
      rake (>= 0.8.7)
    rcov (0.9.9)
    rdoc (2.3.0)
    rspec (2.5.0)
      rspec-core (~> 2.5.0)
      rspec-expectations (~> 2.5.0)
      rspec-mocks (~> 2.5.0)
    rspec-core (2.5.1)
    rspec-expectations (2.5.0)
      diff-lcs (~> 1.1.2)
    rspec-mocks (2.5.0)

PLATFORMS
  ruby

DEPENDENCIES
  RSpec-Steps!
  bundler (~> 1.0.0)
  hanna (~> 0.1.0)
  mailfactory (~> 1.4.0)
  rake-rubygems (>= 0.2.0)
  rcov
  rspec (>= 2.0)
