PATH
  remote: .
  specs:
    rspec-steps (0.0.8)
      rspec (>= 2.6)

GEM
  remote: http://lrdesign:quiS6Nef@gems.lrdesign.com/
  remote: http://rubygems.org/
  specs:
    chunky_png (1.2.7)
    compass (0.12.2)
      chunky_png (~> 1.2)
      fssm (>= 0.2.7)
      sass (~> 3.1)
    corundum (0.0.25)
      bundler
      compass (>= 0.12.1)
      mailfactory (~> 1.4.0)
      mattock (>= 0.3.0)
      nokogiri
      rake-rubygems (>= 0.2.0)
      rdoc
      rspec (>= 2.0)
      sass (>= 3.1)
      simplecov (>= 0.5.4)
      yard
    diff-lcs (1.1.3)
    fssm (0.2.10)
    fuubar (1.0.0)
      rspec (~> 2.0)
      rspec-instafail (~> 0.2.0)
      ruby-progressbar (~> 0.0.10)
    json (1.7.6)
    mailfactory (1.4.0)
      mime-types (>= 1.13.1)
    mattock (0.3.4)
      tilt (> 0)
      valise (>= 0.6)
    mime-types (1.19)
    multi_json (1.5.0)
    nokogiri (1.5.6)
    rake (10.0.3)
    rake-rubygems (0.2.0)
      rake (>= 0.8.7)
    rdoc (3.12)
      json (~> 1.4)
    rspec (2.10.0)
      rspec-core (~> 2.10.0)
      rspec-expectations (~> 2.10.0)
      rspec-mocks (~> 2.10.0)
    rspec-core (2.10.1)
    rspec-expectations (2.10.0)
      diff-lcs (~> 1.1.3)
    rspec-instafail (0.2.4)
    rspec-mocks (2.10.1)
    ruby-progressbar (0.0.10)
    sass (3.2.5)
    simplecov (0.7.1)
      multi_json (~> 1.0)
      simplecov-html (~> 0.7.1)
    simplecov-html (0.7.1)
    tilt (1.3.3)
    valise (0.8.2)
    yard (0.8.3)

PLATFORMS
  ruby

DEPENDENCIES
  corundum (>= 0.0.25)
  fuubar
  rspec (~> 2.10.0)
  rspec-steps!
